PATH
  remote: .
  specs:
    almost-happy (1.0.0)
      RedCloth
      activerecord (~> 3.0)
      nokogiri
      open4
      rdiscount

GEM
  remote: http://rubygems.org/
  specs:
    RedCloth (4.2.9)
    activemodel (3.2.3)
      activesupport (= 3.2.3)
      builder (~> 3.0.0)
    activerecord (3.2.3)
      activemodel (= 3.2.3)
      activesupport (= 3.2.3)
      arel (~> 3.0.2)
      tzinfo (~> 0.3.29)
    activesupport (3.2.3)
      i18n (~> 0.6)
      multi_json (~> 1.0)
    arel (3.0.2)
    builder (3.0.0)
    i18n (0.6.0)
    multi_json (1.2.0)
    nokogiri (1.5.2)
    open4 (1.3.0)
    rdiscount (1.6.8)
    reversible_data (0.1.0)
    shoulda (2.11.3)
    sqlite3 (1.3.5)
    tzinfo (0.3.32)

PLATFORMS
  ruby

DEPENDENCIES
  almost-happy!
  reversible_data
  shoulda
  sqlite3
